GEM
  remote: https://rubygems.org/
  specs:
    addressable (2.3.8)
    better_errors (2.1.1)
      coderay (>= 1.0.0)
      erubis (>= 2.6.6)
      rack (>= 0.9.0)
    celes (0.0.1)
    coderay (1.1.0)
    domain_name (0.5.24)
      unf (>= 0.0.5, < 1.0.0)
    eot (0.0.3)
      celes
      equationoftime
    equationoftime (4.1.8)
      addressable (~> 2.3.6)
      celes (~> 0.0.1)
      rest-client
    erubis (2.7.0)
    foreman (0.78.0)
      thor (~> 0.19.1)
    haml (4.0.7)
      tilt
    http-cookie (1.0.2)
      domain_name (~> 0.5)
    mime-types (2.6.1)
    mini_portile (0.6.2)
    netrc (0.10.3)
    nokogiri (1.6.6.2)
      mini_portile (~> 0.6.0)
    rack (1.6.4)
    rack-codehighlighter (0.5.1)
      nokogiri (>= 1.4.1)
      rack (>= 1.0.0)
    rack-protection (1.5.3)
      rack
    redcarpet (3.3.2)
    rest-client (1.8.0)
      http-cookie (>= 1.0.2, < 2.0)
      mime-types (>= 1.16, < 3.0)
      netrc (~> 0.7)
    shotgun (0.9.1)
      rack (>= 1.0)
    sinatra (1.4.6)
      rack (~> 1.4)
      rack-protection (~> 1.4)
      tilt (>= 1.3, < 3)
    spox-plist (3.0.1)
    spox-textpow (0.10.3)
      spox-plist
    thor (0.19.1)
    tilt (2.0.1)
    unf (0.1.4)
      unf_ext
    unf_ext (0.0.7.1)
    uv (0.0.7.5)
      spox-plist
      spox-textpow

PLATFORMS
  ruby

DEPENDENCIES
  better_errors
  eot
  foreman
  haml
  rack-codehighlighter
  redcarpet
  shotgun
  sinatra
  uv

BUNDLED WITH
   1.10.6
