GEM
  remote: https://rubygems.org/
  specs:
    activemodel (4.2.4)
      activesupport (= 4.2.4)
      builder (~> 3.1)
    activerecord (4.2.4)
      activemodel (= 4.2.4)
      activesupport (= 4.2.4)
      arel (~> 6.0)
    activesupport (4.2.4)
      i18n (~> 0.7)
      json (~> 1.7, >= 1.7.7)
      minitest (~> 5.1)
      thread_safe (~> 0.3, >= 0.3.4)
      tzinfo (~> 1.1)
    addressable (2.3.8)
    arel (6.0.3)
    asciidoctor (1.5.2)
    backports (2.8.2)
    blankslate (3.1.3)
    builder (3.2.2)
    celes (0.0.1)
    childprocess (0.5.6)
      ffi (~> 1.0, >= 1.0.11)
    citrus (3.0.2)
    coffee-script (2.4.1)
      coffee-script-source
      execjs
    coffee-script-source (1.9.1.1)
    commonjs (0.2.7)
    creole (0.5.0)
    daemons (1.2.3)
    domain_name (0.5.24)
      unf (>= 0.0.5, < 1.0.0)
    eot (0.0.3)
      celes
      equationoftime
    equationoftime (4.1.8)
      addressable (~> 2.3.6)
      celes (~> 0.0.1)
      rest-client
    eventmachine (1.0.8)
    execjs (2.6.0)
    expression_parser (0.9.0)
    ffi (1.9.10)
    foreman (0.78.0)
      thor (~> 0.19.1)
    glorify (0.5.0)
      nokogiri
      rdoc-rouge
      sinatra
    haml (4.0.7)
      tilt
    htmlentities (4.3.4)
    http-cookie (1.0.2)
      domain_name (~> 0.5)
    i18n (0.7.0)
    json (1.8.3)
    launchy (2.4.3)
      addressable (~> 2.3)
    less (2.6.0)
      commonjs (~> 0.2.7)
    libv8 (3.16.14.11)
    markaby (0.8.0)
      builder
    mime-types (2.6.2)
    mini_portile (0.6.2)
    minitest (5.8.1)
    multi_json (1.11.2)
    net-http-server (0.2.2)
      parslet (~> 1.0)
    netrc (0.10.3)
    nokogiri (1.6.6.2)
      mini_portile (~> 0.6.0)
    parslet (1.7.1)
      blankslate (>= 2.0, <= 4.0)
    path (1.3.3)
    pg (0.18.3)
    puma (2.14.0)
    quickl (0.4.3)
    rabl (0.11.6)
      activesupport (>= 2.3.14)
    rack (1.6.4)
    rack-protection (1.5.3)
      rack
    rack-test (0.6.3)
      rack (>= 1.0)
    radius (0.7.4)
    rake (10.4.2)
    rdoc (4.2.0)
      json (~> 1.4)
    rdoc-rouge (0.1.0)
      rdoc (~> 4.0)
      rouge (~> 0.3.0)
    ref (2.0.0)
    rest-client (1.8.0)
      http-cookie (>= 1.0.2, < 2.0)
      mime-types (>= 1.16, < 3.0)
      netrc (~> 0.7)
    rouge (0.3.10)
      thor
    ruby-progressbar (1.7.5)
    shelly (0.5.6)
      childprocess (~> 0.5.5)
      json
      launchy
      mime-types (>= 1.16, < 3.0)
      netrc
      rest-client
      ruby-progressbar
      wijet-thor (~> 0.14.10)
    shotgun (0.9.1)
      rack (>= 1.0)
    sinatra (1.4.6)
      rack (~> 1.4)
      rack-protection (~> 1.4)
      tilt (>= 1.3, < 3)
    sinatra-contrib (1.4.6)
      backports (>= 2.0)
      multi_json
      rack-protection
      rack-test
      sinatra (~> 1.4.0)
      tilt (>= 1.3, < 3)
    slim (2.1.0)
      temple (~> 0.6.9)
      tilt (>= 1.3.3, < 2.1)
    stylus (1.0.1)
      execjs
      stylus-source
    stylus-source (0.49.3)
    temple (0.6.10)
    therubyracer (0.12.2)
      libv8 (~> 3.16.14.0)
      ref
    thin (1.6.4)
      daemons (~> 1.0, >= 1.0.9)
      eventmachine (~> 1.0, >= 1.0.4)
      rack (~> 1.0)
    thor (0.19.1)
    thread_safe (0.3.5)
    tilt (2.0.1)
    twitter-text (1.13.0)
      unf (~> 0.1.0)
    tzinfo (1.2.2)
      thread_safe (~> 0.1)
    unf (0.1.4)
      unf_ext
    unf_ext (0.0.7.1)
    wijet-thor (0.14.10)
    wikicloth (0.8.3)
      builder
      expression_parser
      htmlentities
      nokogiri
      twitter-text
    wlang (2.3.1)
      backports (~> 2.6)
      citrus (>= 2.4, < 4.0)
      path (~> 1.3)
      quickl (~> 0.4.3)
      temple (~> 0.6)
    yajl-ruby (1.2.1)

PLATFORMS
  ruby

DEPENDENCIES
  activemodel
  activerecord
  activesupport
  asciidoctor
  builder
  coffee-script (>= 2.0)
  creole
  eot
  foreman
  glorify
  haml (>= 3.0)
  less
  markaby
  minitest (~> 5.0)
  net-http-server
  nokogiri
  pg
  puma
  rabl
  rack-test (>= 0.6.2)
  radius
  rake
  rdoc
  shelly
  shotgun
  sinatra
  sinatra-contrib
  slim (~> 2.0)
  stylus
  therubyracer
  thin
  tilt
  wikicloth
  wlang (>= 2.0.1)
  yajl-ruby

BUNDLED WITH
   1.10.6
