GEM
  remote: http://rubygems.org/
  specs:
    addressable (2.3.6)
    backports (3.6.4)
    celes (0.0.1)
    daemons (1.1.9)
    dm-core (1.2.1)
      addressable (~> 2.3)
    dm-migrations (1.2.0)
      dm-core (~> 1.2.0)
    equationoftime (4.1.8)
      addressable (~> 2.3.6)
      celes (~> 0.0.1)
      rest-client
    eventmachine (1.0.4)
    execjs (2.2.2)
    haml (4.0.6)
      tilt
    jquery (0.0.1)
    json_pure (1.8.2)
    liquid (3.0.0)
    mime-types (2.4.3)
    mini_portile (0.6.2)
    multi_json (1.10.1)
    netrc (0.10.2)
    nokogiri (1.6.5)
      mini_portile (~> 0.6.0)
    rack (1.6.0)
    rack-protection (1.5.3)
      rack
    rack-test (0.6.3)
      rack (>= 1.0)
    rdiscount (2.1.7.1)
    rest-client (1.7.2)
      mime-types (>= 1.16, < 3.0)
      netrc (~> 0.7)
    sinatra (1.4.5)
      rack (~> 1.4)
      rack-protection (~> 1.4)
      tilt (~> 1.3, >= 1.3.4)
    sinatra-contrib (1.4.2)
      backports (>= 2.0)
      multi_json
      rack-protection
      rack-test
      sinatra (~> 1.4.0)
      tilt (~> 1.3)
    thin (1.6.3)
      daemons (~> 1.0, >= 1.0.9)
      eventmachine (~> 1.0)
      rack (~> 1.0)
    tilt (1.4.1)

PLATFORMS
  ruby

DEPENDENCIES
  addressable (~> 2.3.6)
  celes
  dm-core
  dm-migrations
  equationoftime
  execjs
  haml
  jquery
  json_pure
  liquid
  nokogiri
  rdiscount
  rest-client
  sinatra
  sinatra-contrib
  thin
