GIT
  remote: https://github.com/DouglasAllen/gem-equationoftime.git
  revision: deb9fd2d2a7b228fa3127dc5f33d953e72e55ad1
  branch: 4.1.9
  specs:
    equationoftime (4.1.9)
      addressable (~> 2.3.6)
      celes (~> 0.0.1)
      rest-client

GEM
  remote: https://rubygems.org/
  specs:
    addressable (2.3.8)
    celes (0.0.1)
    domain_name (0.5.25)
      unf (>= 0.0.5, < 1.0.0)
    glorify (0.5.0)
      nokogiri
      rdoc-rouge
      sinatra
    haml (4.0.7)
      tilt
    http-cookie (1.0.2)
      domain_name (~> 0.5)
    mime-types (2.6.2)
    mini_portile (0.6.2)
    netrc (0.11.0)
    nokogiri (1.6.6.2)
      mini_portile (~> 0.6.0)
    puma (2.14.0)
    rack (1.6.4)
    rack-protection (1.5.3)
      rack
    rdoc (4.2.0)
    rdoc-rouge (0.1.0)
      rdoc (~> 4.0)
      rouge (~> 0.3.0)
    rest-client (1.8.0)
      http-cookie (>= 1.0.2, < 2.0)
      mime-types (>= 1.16, < 3.0)
      netrc (~> 0.7)
    rouge (0.3.10)
      thor
    sinatra (1.4.6)
      rack (~> 1.4)
      rack-protection (~> 1.4)
      tilt (>= 1.3, < 3)
    thor (0.19.1)
    tilt (2.0.1)
    unf (0.1.4)
      unf_ext
    unf_ext (0.0.7.1)

PLATFORMS
  ruby

DEPENDENCIES
  equationoftime!
  glorify
  haml
  puma
  sinatra

BUNDLED WITH
   1.10.6
