GIT
  remote: https://github.com/DouglasAllen/equationoftime.git
  revision: 28143779363ee12044d1f84f45599d82a0b1f7cd
  specs:
    equationoftime (4.1.9)
      addressable (~> 2.3.6)
      rest-client

GEM
  remote: http://rubygems.org/
  specs:
    addressable (2.3.8)
    backports (3.6.4)
    daemons (1.2.2)
    dm-core (1.2.1)
      addressable (~> 2.3)
    dm-migrations (1.2.0)
      dm-core (~> 1.2.0)
    domain_name (0.5.24)
      unf (>= 0.0.5, < 1.0.0)
    eventmachine (1.0.7)
    execjs (2.5.2)
    haml (4.0.6)
      tilt
    http-cookie (1.0.2)
      domain_name (~> 0.5)
    jquery (0.0.1)
    json_pure (1.8.2)
    liquid (3.0.1)
    mime-types (2.4.3)
    mini_portile (0.6.2)
    multi_json (1.11.0)
    netrc (0.10.3)
    nokogiri (1.6.6.2)
      mini_portile (~> 0.6.0)
    rack (1.6.0)
    rack-protection (1.5.3)
      rack
    rack-test (0.6.3)
      rack (>= 1.0)
    rdiscount (2.1.8)
    rest-client (1.8.0)
      http-cookie (>= 1.0.2, < 2.0)
      mime-types (>= 1.16, < 3.0)
      netrc (~> 0.7)
    sinatra (1.4.6)
      rack (~> 1.4)
      rack-protection (~> 1.4)
      tilt (>= 1.3, < 3)
    sinatra-contrib (1.4.2)
      backports (>= 2.0)
      multi_json
      rack-protection
      rack-test
      sinatra (~> 1.4.0)
      tilt (~> 1.3)
    thin (1.6.3)
      daemons (~> 1.0, >= 1.0.9)
      eventmachine (~> 1.0)
      rack (~> 1.0)
    tilt (1.4.1)
    unf (0.1.4)
      unf_ext
    unf_ext (0.0.7.1)

PLATFORMS
  ruby

DEPENDENCIES
  addressable (~> 2.3.6)
  daemons (>= 1.2.2)
  dm-core
  dm-migrations
  equationoftime!
  execjs
  haml
  jquery
  json_pure
  liquid
  nokogiri
  rdiscount
  rest-client
  sinatra
  sinatra-contrib
  thin

BUNDLED WITH
   1.10.6
