GIT
  remote: https://github.com/DouglasAllen/addressable.git
  revision: 3bf360e2318d8afbacba1d72e2aaadee721f488e
  specs:
    addressable (2.3.8)

GIT
  remote: https://github.com/DouglasAllen/backports.git
  revision: b08a5f0737622da0ad58d69b838dc60a665d64cb
  specs:
    backports (3.6.5)

GIT
  remote: https://github.com/DouglasAllen/bundler.git
  revision: 0433b83757cf8e5e424221f8752bf59b1ac5d693
  specs:

GIT
  remote: https://github.com/DouglasAllen/daemons.git
  revision: 714b50d312bc231ffd8a0b9f2d755b851891be14
  specs:
    daemons (1.2.3)

GIT
  remote: https://github.com/DouglasAllen/dm-core.git
  revision: c18d22311046e99c5fd7a99e058c9e6d61317785
  specs:
    dm-core (1.3.0.beta)
      addressable (~> 2.3, >= 2.3.5)

GIT
  remote: https://github.com/DouglasAllen/dm-do-adapter.git
  revision: 5b13be7b63b8ff2869fdb8bdbbc68470bead9993
  specs:
    dm-do-adapter (1.3.0.beta)
      data_objects (~> 0.10.6)
      dm-core (~> 1.3.0.beta)

GIT
  remote: https://github.com/DouglasAllen/dm-migrations.git
  revision: 99e1a18e16aa5f0bd55ff54d7bf603d2f1fcb407
  specs:
    dm-migrations (1.3.0.beta)
      dm-core (~> 1.3.0.beta)

GIT
  remote: https://github.com/DouglasAllen/dm-sqlite-adapter.git
  revision: 641cb9bfd761263385097ca9cef8c070f801b3d1
  specs:
    dm-sqlite-adapter (1.3.0.beta)
      dm-do-adapter (~> 1.3.0.beta)
      do_sqlite3 (~> 0.10.6)

GIT
  remote: https://github.com/DouglasAllen/do.git
  revision: a0cb8bf36a89bc655607162918bce2c0f8a739fa
  specs:
    data_objects (0.10.16)
      addressable (~> 2.1)
    do_sqlite3 (0.10.16)
      data_objects (= 0.10.16)

GIT
  remote: https://github.com/DouglasAllen/equationoftime.git
  revision: 7ee17e4fd4244ee9084cbacb82c04814db3af5d1
  specs:
    equationoftime (4.1.8)
      addressable (~> 2.3.6)
      rest-client

GIT
  remote: https://github.com/DouglasAllen/eventmachine.git
  revision: c8de561f8a2c72fdfe72cd6b9b5200f03dac196e
  specs:
    eventmachine (1.0.7)

GIT
  remote: https://github.com/DouglasAllen/execjs.git
  revision: 329353b7a166b7226ece33888e6c24dbdba8b094
  specs:
    execjs (2.5.2)

GIT
  remote: https://github.com/DouglasAllen/haml.git
  revision: c89da381a055587fa212881f9fddd2ab3c1224ca
  specs:
    haml (5.0.0.beta.2)
      tilt

GIT
  remote: https://github.com/DouglasAllen/http-cookie.git
  revision: 405a48bcb41b0a99dbd2386a7c217a280e958dff
  specs:
    http-cookie (1.0.2)
      domain_name (~> 0.5)

GIT
  remote: https://github.com/DouglasAllen/jquery-ruby.git
  revision: bfefbefa580251fc4fe2ea2b303f4c2c526a7a8a
  specs:
    jquery (0.0.1)

GIT
  remote: https://github.com/DouglasAllen/json.git
  revision: db4c71a7701b95c30f945ee1536240920dcfdc17
  specs:
    json (1.8.3)
    json_pure (1.8.3)

GIT
  remote: https://github.com/DouglasAllen/liquid.git
  revision: fc1c0d0d83835f2c8629a0a166959c263778ceb6
  specs:
    liquid (4.0.0.alpha)

GIT
  remote: https://github.com/DouglasAllen/mini_portile.git
  revision: 49b9fdf1ced52567d3314d9d8221f6707099ac2d
  specs:
    mini_portile (0.6.2)

GIT
  remote: https://github.com/DouglasAllen/multi_json.git
  revision: 173edc9c43f9392be66cd6800581ba643366760b
  specs:
    multi_json (1.11.2)

GIT
  remote: https://github.com/DouglasAllen/multi_xml.git
  revision: 60f9773bccc14bb8d193d316c64f6cd958979157
  specs:
    multi_xml (0.5.5)

GIT
  remote: https://github.com/DouglasAllen/netrc.git
  revision: 7cc89149d59949062fbeda46bc97730b5095c51d
  specs:
    netrc (0.10.3)

GIT
  remote: https://github.com/DouglasAllen/nokogiri.git
  revision: 19a683de183036dbde20133011f7bb260f5413d4
  specs:
    nokogiri (1.6.6.2)
      mini_portile (~> 0.6.0)

GIT
  remote: https://github.com/DouglasAllen/rack-protection.git
  revision: 90f6a495736bcd2a49ef6ddcf38bc6290d64ba5a
  specs:
    rack-protection (1.5.3)
      rack

GIT
  remote: https://github.com/DouglasAllen/rack-test.git
  revision: 0cd85371dd5a347be78e48559b280ced72fab7f9
  specs:
    rack-test (0.6.3)
      rack (>= 1.0)

GIT
  remote: https://github.com/DouglasAllen/rack.git
  revision: 4453f50aa0d36f0fca08a19d75270c7fb28d2b74
  specs:
    rack (2.0.0.alpha)
      json

GIT
  remote: https://github.com/DouglasAllen/rdiscount.git
  revision: 63d32e56462fdf83001e62a0c8b8b6ede5dafd27
  specs:
    rdiscount (2.1.8)

GIT
  remote: https://github.com/DouglasAllen/rest-client.git
  revision: 883903f5e5ae6c894db4e1271b3236301d881ee1
  specs:
    rest-client (2.0.0.rc1)
      http-cookie (>= 1.0.2, < 2.0)
      mime-types (>= 1.16, < 3.0)
      netrc (~> 0.8)

GIT
  remote: https://github.com/DouglasAllen/ruby-domain_name.git
  revision: 0cad13ba79bc66f41c60380ac0ba968c03f667dd
  specs:
    domain_name (0.5.24)
      unf (>= 0.0.5, < 1.0.0)

GIT
  remote: https://github.com/DouglasAllen/ruby-mime-types.git
  revision: fe7e50417c850b1bac12c508e09c7477a4c37313
  specs:
    mime-types (2.6.1)

GIT
  remote: https://github.com/DouglasAllen/ruby-unf.git
  revision: 571395d047da7391ab45d5fc053534b10d67c46d
  specs:
    unf (0.2.0.beta2)

GIT
  remote: https://github.com/DouglasAllen/ruby-unf_ext.git
  revision: bfd8bdeb24f4225c05ae3a1a0e6ca819759f7040
  specs:
    unf_ext (0.0.7.1)

GIT
  remote: https://github.com/DouglasAllen/safe_yaml.git
  revision: 4c420f687ea5c19a8f815f272b29bf45f64fe958
  specs:
    safe_yaml (1.0.4)

GIT
  remote: https://github.com/DouglasAllen/sinatra-contrib.git
  revision: f52b1c391e4cb4e68fdc3c8aded8aac0ebb05a84
  specs:
    sinatra-contrib (1.4.6)
      backports (>= 2.0)
      multi_json
      rack-protection
      rack-test
      sinatra (~> 1.4.0)
      tilt (>= 1.3, < 3)

GIT
  remote: https://github.com/DouglasAllen/sinatra.git
  revision: ca601d92aa950a185ff01cdd41ceed2c88c29d86
  specs:
    sinatra (1.4.6)
      rack (>= 1.0)
      rack-protection
      tilt

GIT
  remote: https://github.com/DouglasAllen/sqlite3-ruby.git
  revision: b59524add8fdf3e1892d4a857cf4a61279d16e70
  specs:
    sqlite3 (1.3.10)

GIT
  remote: https://github.com/DouglasAllen/thin.git
  revision: 5d1fc45348e8ec4c7ad41721c0e50423f4275ffb
  specs:
    thin (1.6.3)
      daemons (~> 1.0, >= 1.0.9)
      eventmachine (~> 1.0.4)
      rack (>= 1.0)

GIT
  remote: https://github.com/DouglasAllen/tilt.git
  revision: 9784653328eb0e329906c2e9fced501687c8f7eb
  specs:
    tilt (2.0.1)

GEM
  remote: http://rubygems.org/
  specs:

PLATFORMS
  ruby

DEPENDENCIES
  addressable!
  backports!
  bundler!
  daemons!
  data_objects!
  dm-core!
  dm-do-adapter!
  dm-migrations!
  dm-sqlite-adapter!
  do_sqlite3
  domain_name!
  equationoftime!
  eventmachine!
  execjs!
  haml!
  http-cookie!
  jquery!
  json_pure!
  liquid!
  mime-types!
  mini_portile!
  multi_json!
  multi_xml!
  netrc!
  nokogiri!
  rack!
  rack-protection!
  rack-test!
  rdiscount!
  rest-client!
  safe_yaml!
  sinatra!
  sinatra-contrib!
  sqlite3!
  thin!
  tilt!
  unf!
  unf_ext!

BUNDLED WITH
   1.10.6
