PATH
  remote: .
  specs:
    sinatra (1.4.6)
      rack (~> 1.4)
      rack-protection (~> 1.4)
      tilt (>= 1.3, < 3)

GEM
  remote: https://rubygems.org/
  specs:
    RedCloth (4.2.9)
    activesupport (4.2.4)
      i18n (~> 0.7)
      json (~> 1.7, >= 1.7.7)
      minitest (~> 5.1)
      thread_safe (~> 0.3, >= 0.3.4)
      tzinfo (~> 1.1)
    asciidoctor (1.5.2)
    backports (2.8.2)
    blankslate (3.1.3)
    bluecloth (2.2.0)
    builder (3.2.2)
    citrus (3.0.2)
    coffee-script (2.4.1)
      coffee-script-source
      execjs
    coffee-script-source (1.9.1.1)
    commonjs (0.2.7)
    creole (0.5.0)
    daemons (1.2.3)
    erubis (2.7.0)
    eventmachine (1.0.8)
    execjs (2.6.0)
    expression_parser (0.9.0)
    haml (4.0.7)
      tilt
    htmlentities (4.3.4)
    i18n (0.7.0)
    json (1.8.3)
    kramdown (1.8.0)
    less (2.6.0)
      commonjs (~> 0.2.7)
    libv8 (3.16.14.11)
    liquid (3.0.6)
    markaby (0.8.0)
      builder
    maruku (0.7.2)
    mini_portile (0.6.2)
    minitest (5.8.1)
    net-http-server (0.2.2)
      parslet (~> 1.0)
    nokogiri (1.6.6.2)
      mini_portile (~> 0.6.0)
    parslet (1.7.1)
      blankslate (>= 2.0, <= 4.0)
    path (1.3.3)
    puma (2.14.0)
    quickl (0.4.3)
    rabl (0.11.6)
      activesupport (>= 2.3.14)
    rack (1.6.4)
    rack-protection (1.5.3)
      rack
    rack-test (0.6.3)
      rack (>= 1.0)
    radius (0.7.4)
    rake (10.4.2)
    rdiscount (2.1.8)
    rdoc (4.2.0)
      json (~> 1.4)
    redcarpet (3.3.2)
    ref (2.0.0)
    sass (3.4.18)
    slim (2.1.0)
      temple (~> 0.6.9)
      tilt (>= 1.3.3, < 2.1)
    stylus (1.0.1)
      execjs
      stylus-source
    stylus-source (0.49.3)
    temple (0.6.10)
    therubyracer (0.12.2)
      libv8 (~> 3.16.14.0)
      ref
    thin (1.6.4)
      daemons (~> 1.0, >= 1.0.9)
      eventmachine (~> 1.0, >= 1.0.4)
      rack (~> 1.0)
    thread_safe (0.3.5)
    tilt (2.0.1)
    twitter-text (1.13.0)
      unf (~> 0.1.0)
    tzinfo (1.2.2)
      thread_safe (~> 0.1)
    unf (0.1.4)
      unf_ext
    unf_ext (0.0.7.1)
    wikicloth (0.8.3)
      builder
      expression_parser
      htmlentities
      nokogiri
      twitter-text
    wlang (2.3.1)
      backports (~> 2.6)
      citrus (>= 2.4, < 4.0)
      path (~> 1.3)
      quickl (~> 0.4.3)
      temple (~> 0.6)
    yajl-ruby (1.2.1)

PLATFORMS
  ruby

DEPENDENCIES
  RedCloth
  asciidoctor
  bluecloth
  builder
  coffee-script (>= 2.0)
  creole
  erubis
  haml (>= 3.0)
  kramdown
  less (~> 2.0)
  liquid
  markaby
  maruku
  minitest (~> 5.0)
  net-http-server
  nokogiri
  puma
  rabl
  rack
  rack-test (>= 0.6.2)
  radius
  rake
  rdiscount
  rdoc
  redcarpet
  sass
  sinatra!
  slim (~> 2.0)
  stylus
  therubyracer
  thin
  tilt
  wikicloth
  wlang (>= 2.0.1)
  yajl-ruby

BUNDLED WITH
   1.10.6
